GEM
  remote: https://rubygems.org/
  specs:
    base64 (0.2.0)
    builder (3.3.0)
    date (3.4.1)
    flexmock (2.4.2)
    gem-release (2.2.4)
    logger (1.7.0)
    mail (2.8.1)
      mini_mime (>= 0.1.1)
      net-imap
      net-pop
      net-smtp
    mime-types (3.7.0)
      logger
      mime-types-data (~> 3.2025, >= 3.2025.0507)
    mime-types-data (3.2025.0520)
    mini_mime (1.1.5)
    net-imap (0.5.8)
      date
      net-protocol
    net-pop (0.1.2)
      net-protocol
    net-protocol (0.2.2)
      timeout
    net-smtp (0.5.1)
      net-protocol
    power_assert (2.0.5)
    rake (13.2.1)
    rexml (3.4.1)
    shoulda-context (2.0.0)
    test-unit (3.6.8)
      power_assert
    timecop (0.9.10)
    timeout (0.4.3)
    xml-simple (1.1.9)
      rexml

PLATFORMS
  arm64-darwin-24
  ruby

DEPENDENCIES
  base64 (~> 0.2.0)
  builder (~> 3.2)
  bundler (~> 2.4)
  flexmock (~> 2.3)
  gem-release (~> 2.2)
  mail (~> 2.8)
  mime-types (~> 3.5)
  rake (~> 13.0)
  shoulda-context (~> 2.0)
  test-unit (~> 3.5)
  timecop (~> 0.9)
  xml-simple (~> 1.1)

BUNDLED WITH
   2.6.9
